GIT
  remote: https://github.com/2potatocakes/google_storage.git
  revision: 9dd672ea2561822ec2515be03afa805a00905ea6
  specs:
    google_storage (0.2.0)
      crack

GIT
  remote: https://github.com/Diveboard/rubyXL.git
  revision: a95334a5cf17b1698829033131ef5e03917a8f55
  ref: a95334a5cf17b1698829033131ef5e03917a8f55
  specs:
    rubyXL (1.2.7)

GIT
  remote: https://github.com/gnufied/mustache_rails3.git
  revision: 764be3c2383ccd2cb693886c5697f8fcf24c7b5f
  specs:
    mustache_rails3 (0.1.2.1)

GIT
  remote: https://github.com/pat/riddle.git
  revision: 8a70d0d65867ded7143edced7847b654e920bbbe
  specs:
    riddle (1.5.12)

GIT
  remote: https://github.com/prawnpdf/prawn.git
  revision: 74d42e056e29640817746fea6639a4b53a360511
  ref: 74d42e056e29640817746fea6639a4b53a360511
  specs:
    prawn (1.3.0)
      pdf-core (~> 0.4.0)
      ttfunk (~> 1.4.0)

GEM
  remote: https://rubygems.org/
  specs:
    RedCloth (4.2.9)
    aaronh-chronic (0.3.9)
    abstract (1.0.0)
    actionmailer (3.2.22)
      actionpack (= 3.2.22)
      mail (~> 2.5.4)
    actionpack (3.2.22)
      activemodel (= 3.2.22)
      activesupport (= 3.2.22)
      builder (~> 3.0.0)
      erubis (~> 2.7.0)
      journey (~> 1.0.4)
      rack (~> 1.4.5)
      rack-cache (~> 1.2)
      rack-test (~> 0.6.1)
      sprockets (~> 2.2.1)
    activemodel (3.2.22)
      activesupport (= 3.2.22)
      builder (~> 3.0.0)
    activerecord (3.2.22)
      activemodel (= 3.2.22)
      activesupport (= 3.2.22)
      arel (~> 3.0.2)
      tzinfo (~> 0.3.29)
    activeresource (3.2.22)
      activemodel (= 3.2.22)
      activesupport (= 3.2.22)
    activesupport (3.2.22)
      i18n (~> 0.6, >= 0.6.4)
      multi_json (~> 1.0)
    addressable (2.3.8)
    airbrake (4.3.0)
      builder
      multi_json
    arel (3.0.3)
    attr_required (1.0.0)
    autoprefixer-rails (5.2.1)
      execjs
      json
    better_errors (1.1.0)
      coderay (>= 1.0.0)
      erubis (>= 2.6.6)
    bindata (2.1.0)
    builder (3.0.4)
    callsite (0.0.11)
    capistrano (2.15.5)
      highline
      net-scp (>= 1.0.0)
      net-sftp (>= 2.0.0)
      net-ssh (>= 2.0.14)
      net-ssh-gateway (>= 1.1.0)
    capistrano-ext (1.2.1)
      capistrano (>= 1.0.0)
    coderay (1.1.0)
    coffee-rails (3.2.2)
      coffee-script (>= 2.2.0)
      railties (~> 3.2.0)
    coffee-script (2.4.1)
      coffee-script-source
      execjs
    coffee-script-source (1.9.1.1)
    composite_primary_keys (5.0.14)
      activerecord (~> 3.2.0, >= 3.2.9)
    crack (0.4.2)
      safe_yaml (~> 1.0.0)
    crass (1.0.2)
    css_parser (1.3.6)
      addressable
    cssmin (1.0.3)
    curb (1.0.5)
    delayed_job (4.0.6)
      activesupport (>= 3.0, < 5.0)
    delayed_job_active_record (4.0.3)
      activerecord (>= 3.0, < 5.0)
      delayed_job (>= 3.0, < 4.1)
    domain_name (0.5.24)
      unf (>= 0.0.5, < 1.0.0)
    eco (1.0.0)
      coffee-script
      eco-source
      execjs
    eco-source (1.1.0.rc.1)
    ejs (1.1.1)
    erubis (2.7.0)
    eu_central_bank (0.5.0)
      money (~> 6.5.0)
      nokogiri (~> 1.6.3)
    exception_notification_rails3 (1.2.0)
    execjs (2.5.2)
    facebox-rails (0.2.0)
      railties (>= 3.0, < 5.0)
      thor (>= 0.14, < 2.0)
    faraday (0.8.9)
      multipart-post (~> 1.2.0)
    ffi (1.9.8)
    flickraw (0.9.8)
    geoip (1.1.1)
    highline (1.7.2)
    hike (1.2.3)
    hodel_3000_compliant_logger (0.1.1)
    http-cookie (1.0.2)
      domain_name (~> 0.5)
    i18n (0.7.0)
    i18n-active_record (0.0.2)
      i18n (>= 0.5.0)
    i18n-inflector (2.6.7)
      i18n (>= 0.4.1)
    i18n-inflector-rails (1.0.7)
      actionpack (>= 3.0.0)
      i18n-inflector (~> 2.6)
      railties (>= 3.0.0)
    i18n-js (2.1.2)
      i18n
    i18n-one_sky (2.0.12)
      activesupport (>= 2.2.2)
      i18n (>= 0.5.0)
      i18n-active_record (>= 0.0.2)
      memoist
      one_sky (>= 2.0.0)
    innertube (1.1.0)
    it (0.8.0)
      actionpack (>= 3.0.0)
    jammit (0.6.6)
      cssmin (>= 1.0.3)
      jsmin (>= 1.0.1)
    joiner (0.2.0)
      activerecord (>= 3.1.0, < 4.1.0)
    journey (1.0.4)
    jsmin (1.0.1)
    json (1.8.3)
    kgio (2.9.3)
    koala (2.0.0)
      addressable
      faraday
      multi_json
    mail (2.5.4)
      mime-types (~> 1.16)
      treetop (~> 1.4.8)
    memoist (0.12.0)
    meta_request (0.3.4)
      callsite (~> 0.0, >= 0.0.11)
      rack-contrib (~> 1.1)
      railties (>= 3.0.0, < 5.0.0)
    middleware (0.1.0)
    mime-types (1.25.1)
    mini_exiftool (2.5.0)
    mini_magick (3.4)
      subexec (~> 0.2.1)
    mini_portile (0.6.2)
    money (6.5.1)
      i18n (>= 0.6.4, <= 0.7.0)
    multi_json (1.11.1)
    multipart-post (1.2.0)
    mustache (0.99.5)
    mysql2 (0.3.21)
    net-scp (1.2.1)
      net-ssh (>= 2.6.5)
    net-sftp (2.1.2)
      net-ssh (>= 2.6.5)
    net-ssh (2.9.2)
    net-ssh-gateway (1.2.0)
      net-ssh (>= 2.6.5)
    netrc (0.10.3)
    nokogiri (1.6.6.2)
      mini_portile (~> 0.6.0)
    nokogumbo (1.4.1)
      nokogiri
    oink (0.10.1)
      activerecord
      hodel_3000_compliant_logger
    one_sky (2.1.0)
      json (>= 1.4.0)
      rest-client (>= 1.4.0)
    paypal-express (0.8.1)
      activesupport (>= 2.3)
      attr_required (>= 0.0.5)
      rest-client
    pdf-core (0.4.0)
    polyglot (0.3.5)
    prawn-fast-png (0.2.3)
      prawn
      rmagick
    rack (1.4.7)
    rack-cache (1.2)
      rack (>= 0.4)
    rack-contrib (1.2.0)
      rack (>= 0.9.1)
    rack-mount (0.8.3)
      rack (>= 1.0.0)
    rack-ssl (1.3.4)
      rack
    rack-test (0.6.3)
      rack (>= 1.0)
    rack-throttle (0.4.0)
      rack (>= 1.0.0)
    rack-utf8_sanitizer (1.3.0)
      rack (~> 1.0)
    rails (3.2.22)
      actionmailer (= 3.2.22)
      actionpack (= 3.2.22)
      activerecord (= 3.2.22)
      activeresource (= 3.2.22)
      activesupport (= 3.2.22)
      bundler (~> 1.0)
      railties (= 3.2.22)
    rails-i18n (3.0.1)
      i18n (~> 0.5)
      rails (>= 3.0.0, < 4.0.0)
    railties (3.2.22)
      actionpack (= 3.2.22)
      activesupport (= 3.2.22)
      rack-ssl (~> 1.3.2)
      rake (>= 0.8.7)
      rdoc (~> 3.4)
      thor (>= 0.14.6, < 2.0)
    raindrops (0.14.0)
    rake (13.0.1)
    rdoc (3.12.2)
      json (~> 1.4)
    recaptcha (0.4.0)
    redis (3.2.1)
    redis-actionpack (3.2.4)
      actionpack (~> 3.2.0)
      redis-rack (~> 1.4.4)
      redis-store (~> 1.1.4)
    redis-activesupport (3.2.5)
      activesupport (~> 3.2.0)
      redis-store (~> 1.1.0)
    redis-rack (1.4.4)
      rack (~> 1.4.0)
      redis-store (~> 1.1.4)
    redis-rails (3.2.4)
      redis-actionpack (~> 3.2.4)
      redis-activesupport (~> 3.2.4)
      redis-store (~> 1.1.4)
    redis-store (1.1.5)
      redis (>= 2.2)
    request-log-analyzer (1.13.4)
    rest-client (1.8.0)
      http-cookie (>= 1.0.2, < 2.0)
      mime-types (>= 1.16, < 3.0)
      netrc (~> 0.7)
    rmagick (2.15.2)
    ruby-filemagic (0.6.3)
    ruby-ole (1.2.11.8)
    rubyzip (0.9.4)
    safe_yaml (1.0.4)
    sanitize (4.0.0)
      crass (~> 1.0.2)
      nokogiri (>= 1.4.4)
      nokogumbo (= 1.4.1)
    sass (3.4.15)
    sass-rails (3.2.6)
      railties (~> 3.2.0)
      sass (>= 3.1.10)
      tilt (~> 1.3)
    sitemap_generator (5.0.5)
      builder
    spreadsheet (0.6.5.8)
      ruby-ole (>= 1.0)
    sprockets (2.2.3)
      hike (~> 1.2)
      multi_json (~> 1.0)
      rack (~> 1.0)
      tilt (~> 1.1, != 1.3.0)
    sqlite3 (1.3.10)
    stringex (2.5.2)
    subexec (0.2.3)
    thinking-sphinx (3.1.4)
      activerecord (>= 3.1.0)
      builder (>= 2.1.2)
      innertube (>= 1.0.2)
      joiner (>= 0.2.0)
      middleware (>= 0.1.0)
      riddle (>= 1.5.11)
    thor (0.19.1)
    tilt (1.4.1)
    treetop (1.4.15)
      polyglot
      polyglot (>= 0.3.1)
    truncate_html (0.9.3)
    ts-delayed-delta (2.0.2)
      delayed_job
      thinking-sphinx (>= 1.5.0)
    ttfunk (1.4.0)
    tzinfo (0.3.44)
    uglifier (2.7.1)
      execjs (>= 0.3.0)
      json (>= 1.8.0)
    unf (0.1.4)
      unf_ext
    unf_ext (0.0.7.1)
    unicorn (4.9.0)
      kgio (~> 2.6)
      rack
      raindrops (~> 0.7)
    whenever (0.6.8)
      aaronh-chronic (>= 0.3.9)
      activesupport (>= 2.3.4)
    wikipedia-client (1.4.0)
    will_paginate (3.0.7)
    yui-compressor (0.12.0)

PLATFORMS
  ruby

DEPENDENCIES
  RedCloth (= 4.2.9)
  abstract
  actionmailer (~> 3.2.16)
  actionpack (~> 3.2.16)
  activemodel (~> 3.2.16)
  activerecord (~> 3.2.16)
  activeresource (~> 3.2.16)
  activesupport (~> 3.2.16)
  airbrake
  arel
  autoprefixer-rails
  better_errors (= 1.1.0)
  bindata
  builder
  bundler
  capistrano (~> 2.15.5)
  capistrano-ext
  coffee-rails (~> 3.2.1)
  composite_primary_keys
  css_parser
  curb
  delayed_job_active_record
  eco
  ejs
  erubis
  eu_central_bank
  exception_notification_rails3
  execjs
  facebox-rails
  faraday (= 0.8.9)
  ffi
  flickraw
  geoip (= 1.1.1)
  google_storage!
  i18n
  i18n-inflector-rails
  i18n-js
  i18n-one_sky
  it
  jammit
  koala
  mail
  meta_request
  mime-types
  mini_exiftool
  mini_magick (= 3.4)
  money
  mustache (= 0.99.5)
  mustache_rails3!
  mysql2 (~> 0.3.21)
  nokogiri
  oink
  paypal-express
  polyglot
  prawn!
  prawn-fast-png
  rack
  rack-mount
  rack-test
  rack-throttle
  rack-utf8_sanitizer
  rails (~> 3.2.16)
  rails-i18n (~> 3.0.0)
  railties
  rake
  recaptcha
  redis-rails
  request-log-analyzer
  riddle!
  rmagick (= 2.15.2)
  ruby-filemagic
  rubyXL!
  rubyzip (= 0.9.4)
  sanitize
  sass-rails (~> 3.2.3)
  sitemap_generator
  spreadsheet (= 0.6.5.8)
  sqlite3 (~> 1.3.8)
  stringex
  subexec
  thinking-sphinx (~> 3.1.0)
  thor
  treetop
  truncate_html
  ts-delayed-delta (~> 2.0.0)
  tzinfo
  uglifier (>= 1.0.3)
  unicorn
  whenever (= 0.6.8)
  wikipedia-client
  will_paginate (~> 3.0.0)
  yui-compressor

BUNDLED WITH
   1.17.3
